GIT
  remote: git://github.com/aalness/ffi.git
  revision: 428367f12b59d1173efd1bbd027f03ef905dbca9
  ref: 428367f12b59d1173efd1bbd027f03ef905dbca9
  specs:
    ffi (1.9.10)

GEM
  remote: https://rubygems.org/
  specs:
    colorize (0.7.7)
    rake (10.4.2)

PLATFORMS
  ruby

DEPENDENCIES
  colorize (~> 0.7)
  ffi!
  rake (~> 10.4.2)

BUNDLED WITH
   1.10.6
